GEM
  remote: http://rubygems.org/
  specs:
    diff-lcs (1.2.4)
    facter (1.7.3)
    hiera-puppet-helper (1.0.1)
    metaclass (0.0.1)
    mocha (0.14.0)
      metaclass (~> 0.0.1)
    puppet (2.7.23)
      facter (~> 1.5)
    puppet-lint (0.3.2)
    puppetlabs_spec_helper (0.4.1.17)
      mocha (>= 0.10.5)
      rake
      rspec (>= 2.9.0)
      rspec-puppet (>= 0.1.1)
    rake (10.1.0)
    rspec (2.14.1)
      rspec-core (~> 2.14.0)
      rspec-expectations (~> 2.14.0)
      rspec-mocks (~> 2.14.0)
    rspec-core (2.14.5)
    rspec-expectations (2.14.3)
      diff-lcs (>= 1.1.3, < 2.0)
    rspec-mocks (2.14.3)
    rspec-puppet (0.1.6)
      rspec

PLATFORMS
  ruby

DEPENDENCIES
  hiera-puppet-helper
  puppet (~> 2.7)
  puppet-lint
  puppetlabs_spec_helper
  rake
